GEM
  remote: http://download.bioinformatics.northwestern.edu/gems/
  remote: http://rubygems.org/
  specs:
    SystemTimer (1.2.1)
    aasm (2.2.0)
    abstract (1.0.0)
    actionmailer (2.3.9)
      actionpack (= 2.3.9)
    actionpack (2.3.9)
      activesupport (= 2.3.9)
      rack (~> 1.1.0)
    activemessaging (0.7.1)
      activesupport (>= 1.0.0)
    activerecord (2.3.9)
      activesupport (= 2.3.9)
    activerecord-oracle_enhanced-adapter (1.3.1)
    activeresource (2.3.9)
      activesupport (= 2.3.9)
    activesupport (2.3.9)
    acts_as_reportable (1.1.1)
      ruport (>= 1.6.0)
    bcaudit (0.0.3)
      activerecord (~> 2.3.2)
      rack (~> 1.1)
    bcdatabase (1.0.2)
      activesupport (~> 2.0)
      highline (~> 1.6)
    bcsec (2.0.6)
      activerecord (~> 2.3.5)
      activesupport (~> 2.3.5)
      bcaudit (~> 0.0, >= 0.0.3)
      bcdatabase (~> 1.0)
      composite_primary_keys (~> 2.3.5)
      net-ldap (~> 0.1.1)
      rubycas-client (~> 2.1.0)
      rubytree (~> 0.7.0)
      schema_qualified_tables (~> 1.0)
      warden (~> 0.10.3)
    bcsec-rails (2.0.0)
      bcsec (>= 2.0.0)
      rails (~> 2.3.5)
    builder (2.1.2)
    cancan (1.4.1)
    capistrano (2.5.19)
      highline
      net-scp (>= 1.0.0)
      net-sftp (>= 2.0.0)
      net-ssh (>= 2.0.14)
      net-ssh-gateway (>= 1.0.0)
    chronic (0.3.0)
    ci_reporter (1.6.4)
      builder (>= 2.1.2)
    color (1.4.1)
    compass (0.8.17)
      haml (>= 2.2.0)
    composite_primary_keys (2.3.5.1)
      activerecord (>= 2.3.5)
    couchrest (1.0.1)
      json (>= 1.4.6)
      mime-types (>= 1.15)
      rest-client (>= 1.5.1)
    crack (0.1.8)
    cucumber (0.8.4)
      builder (~> 2.1.2)
      diff-lcs (~> 1.1.2)
      gherkin (~> 2.1.1)
      json_pure (~> 1.4.3)
      term-ansicolor (~> 1.0.4)
    cucumber-rails (0.3.2)
      cucumber (>= 0.8.0)
    daemons (1.1.0)
    database_cleaner (0.6.0)
    diff-lcs (1.1.2)
    empi (0.2.0)
    erubis (2.6.6)
      abstract (>= 1.0.0)
    factory_girl (1.3.2)
    faker (0.9.4)
      i18n (~> 0.4)
    fastercsv (1.5.4)
    fastthread (1.0.7)
    gherkin (2.1.5)
      trollop (~> 1.16.2)
    haml (2.2.24)
    highline (1.6.1)
    hirb (0.3.5)
    hoe (2.8.0)
      rake (>= 0.8.7)
    httpclient (2.1.6.1)
    i18n (0.5.0)
    json (1.4.6)
    json_pure (1.4.6)
    libxml-ruby (1.1.4)
    mime-types (1.16)
    net-ldap (0.1.1)
    net-scp (1.0.4)
      net-ssh (>= 1.99.1)
    net-sftp (2.0.5)
      net-ssh (>= 2.0.9)
    net-ssh (2.0.23)
    net-ssh-gateway (1.0.1)
      net-ssh (>= 1.99.1)
    nokogiri (1.4.4)
    paper_trail (1.6.4)
      actionpack (>= 2.3)
      activerecord (>= 2.3)
    paperclip (2.1.2)
    pdf-writer (1.1.8)
      color (>= 1.4.0)
      transaction-simple (~> 1.3)
    pg (0.9.0)
    populator (0.2.5)
    rack (1.1.0)
    rails (2.3.9)
      actionmailer (= 2.3.9)
      actionpack (= 2.3.9)
      activerecord (= 2.3.9)
      activeresource (= 2.3.9)
      activesupport (= 2.3.9)
      rake (>= 0.8.3)
    rake (0.8.7)
    rcov (0.9.9)
    rdiscount (1.6.5)
    redis (2.0.13)
    redis-namespace (0.8.0)
      redis (< 3.0.0)
    resque (1.10.0)
      json (~> 1.4.6)
      redis-namespace (~> 0.8.0)
      sinatra (>= 0.9.2)
      vegas (~> 0.1.2)
    resque-jobs-per-fork (0.4.0)
      resque (~> 1.10.0)
    resque-scheduler (1.9.7)
      redis (>= 2.0.1)
      resque (>= 1.8.0)
      rufus-scheduler
    resque_spec (0.2.1)
      resque (>= 1.6.0)
      resque (>= 1.6.0)
      resque_spec
      rspec (~> 1.3.0)
      rspec (~> 1.3.0)
    rest-client (1.6.1)
      mime-types (>= 1.16)
    rspec (1.3.1)
    rspec-rails (1.3.3)
      rack (>= 1.0.0)
      rspec (= 1.3.1)
<<<<<<< HEAD
    ruby-oci8 (2.0.4)
    rubycas-client (2.1.0)
      activesupport
    rubyforge (2.0.4)
      json_pure (>= 1.1.7)
    rubytree (0.7.0)
    rufus-scheduler (2.0.7)
      tzinfo
=======
    ruby-net-ldap (0.0.4)
    rubytree (0.8.1)
    rufus-scheduler (2.0.8)
      tzinfo (>= 0.3.23)
>>>>>>> added new parameter, and tests for roles webservice
    ruport (1.6.3)
      fastercsv
      pdf-writer (= 1.1.8)
    savon (0.7.9)
      builder (>= 2.1.2)
      crack (>= 0.1.4)
    schema_qualified_tables (1.0.0)
      activerecord (>= 2.3)
    searchlogic (2.4.27)
      activerecord (>= 2.0.0)
    sinatra (1.1.2)
      rack (~> 1.1)
      tilt (~> 1.2)
    soap4r (1.5.8)
      httpclient (>= 2.1.1)
    stomp (1.1.6)
    term-ansicolor (1.0.5)
    tilt (1.2.1)
    transaction-simple (1.4.0)
      hoe (>= 1.1.7)
    trollop (1.16.2)
    tzinfo (0.3.23)
    vegas (0.1.8)
      rack (>= 1.0.0)
    view_trail (0.3.1)
    warden (0.10.7)
      rack (>= 1.0.0)
    webrat (0.6.0)
      nokogiri (>= 1.2.0)
      rack (>= 1.0)
    will_paginate (2.3.15)
    wirble (0.1.3)

PLATFORMS
  ruby

DEPENDENCIES
  SystemTimer
  aasm
  activemessaging
  activerecord-oracle_enhanced-adapter
  acts_as_reportable
  bcdatabase
  bcsec (~> 2.0)
  bcsec-rails (~> 2.0)
  cancan
  capistrano (~> 2.5.0)
  chronic (>= 0.2.3)
  ci_reporter (~> 1.6.0)
  compass (~> 0.8.0)
  couchrest
  cucumber (= 0.8.4)
  cucumber-rails (~> 0.3.0)
  daemons
  database_cleaner (~> 0.0)
  empi
  erubis
  factory_girl (>= 1.2.1)
  faker (>= 0.3.1)
  fastercsv (>= 1.5.0)
  fastthread
  haml (~> 2.2.0)
  hirb
  libxml-ruby (>= 1.1.3)
  paper_trail (>= 1.1.1)
  paperclip (= 2.1.2)
  pg (~> 0.9.0)
  populator (>= 0.2.5)
  rails (= 2.3.9)
  rcov
  rdiscount
  redis (~> 2.0.0)
  resque (~> 1.10.0)
  resque-jobs-per-fork (~> 0.4.0)
  resque-scheduler (~> 1.9.0)
  resque_spec (~> 0.2.0)
  rspec (~> 1.3.0)
  rspec-rails (~> 1.3.0)
  ruby-oci8
  ruport
  savon (= 0.7.9)
  searchlogic
  soap4r (>= 1.5.8)
  stomp (>= 1.1)
  view_trail (>= 0.3.1)
  webrat (~> 0.6.0)
  will_paginate (~> 2.3)
  wirble
