GEM
  remote: http://download.bioinformatics.northwestern.edu/gems/
  remote: http://rubygems.org/
  specs:
    actionmailer (2.3.14)
      actionpack (= 2.3.14)
    actionpack (2.3.14)
      activesupport (= 2.3.14)
      rack (~> 1.1.0)
    activerecord (2.3.14)
      activesupport (= 2.3.14)
    activeresource (2.3.14)
      activesupport (= 2.3.14)
    activesupport (2.3.14)
    acts_as_reportable (1.1.1)
      ruport (>= 1.6.0)
    bcaudit (0.3.0)
      activerecord (>= 2.3.2)
      rack (~> 1.1)
    bcdatabase (1.0.6)
      activesupport (>= 2.0)
      highline (~> 1.5)
      i18n
    bcsec (2.0.6)
      activerecord (~> 2.3.5)
      activesupport (~> 2.3.5)
      bcaudit (~> 0.0, >= 0.0.3)
      bcdatabase (~> 1.0)
      composite_primary_keys (~> 2.3.5)
      net-ldap (~> 0.1.1)
      rubycas-client (~> 2.1.0)
      rubytree (~> 0.7.0)
      schema_qualified_tables (~> 1.0)
      warden (~> 0.10.3)
    bcsec-rails (2.0.1)
      bcsec (>= 2.0.0)
      rails (~> 2.3.5)
    builder (3.0.0)
    cancan (1.6.7)
    capistrano (2.5.21)
      highline
      net-scp (>= 1.0.0)
      net-sftp (>= 2.0.0)
      net-ssh (>= 2.0.14)
      net-ssh-gateway (>= 1.0.0)
    chronic (0.6.7)
    ci_reporter (1.6.9)
      builder (>= 2.1.2)
    color (1.4.1)
    columnize (0.3.6)
    compass (0.10.6)
      haml (>= 3.0.4)
    composite_primary_keys (2.3.5.1)
      activerecord (>= 2.3.5)
    configuration (1.3.1)
    crack (0.3.1)
    cucumber (1.1.8)
      builder (>= 2.1.2)
      diff-lcs (>= 1.1.2)
      gherkin (~> 2.8.0)
      json (>= 1.4.6)
      term-ansicolor (>= 1.0.6)
    cucumber-rails (0.3.2)
      cucumber (>= 0.8.0)
    daemons (1.1.8)
    database_cleaner (0.7.1)
    diff-lcs (1.1.3)
    empi (0.2.0)
    erubis (2.7.0)
    factory_girl (2.6.0)
      activesupport (>= 2.3.9)
    faker (1.0.1)
      i18n (~> 0.4)
    fastercsv (1.5.4)
    fastthread (1.0.7)
    formtastic (1.2.4)
      actionpack (>= 2.3.7)
      activesupport (>= 2.3.7)
      i18n (~> 0.4)
    gherkin (2.8.0)
      json (>= 1.4.6)
    haml (3.1.2)
    highline (1.6.11)
    hirb (0.6.0)
    hoe (2.13.1)
      rake (~> 0.8)
    httpclient (2.2.4)
    i18n (0.6.0)
    json (1.6.5)
    launchy (0.3.7)
      configuration (>= 0.0.5)
      rake (>= 0.8.1)
    libxml-ruby (2.2.2)
    linecache (0.46)
      rbx-require-relative (> 0.0.4)
    macaddr (1.5.0)
      systemu (>= 2.4.0)
    net-ldap (0.1.1)
    net-scp (1.0.4)
      net-ssh (>= 1.99.1)
    net-sftp (2.0.5)
      net-ssh (>= 2.0.9)
    net-ssh (2.3.0)
    net-ssh-gateway (1.1.0)
      net-ssh (>= 1.99.1)
    nokogiri (1.5.0)
    paper_trail (1.6.5)
      actionpack (~> 2.3)
      activerecord (~> 2.3)
    paperclip (2.1.2)
    pdf-writer (1.1.8)
      color (>= 1.4.0)
      transaction-simple (~> 1.3)
    pg (0.9.0)
    populator (1.0.0)
    rack (1.1.3)
    rails (2.3.14)
      actionmailer (= 2.3.14)
      actionpack (= 2.3.14)
      activerecord (= 2.3.14)
      activeresource (= 2.3.14)
      activesupport (= 2.3.14)
      rake (>= 0.8.3)
    rake (0.9.2.2)
    rbx-require-relative (0.0.5)
    rcov (1.0.0)
    rdiscount (1.6.8)
    rspec (1.3.2)
    rspec-rails (1.3.4)
      rack (>= 1.0.0)
      rspec (~> 1.3.1)
    ruby-debug (0.10.4)
      columnize (>= 0.1)
      ruby-debug-base (~> 0.10.4.0)
    ruby-debug-base (0.10.4)
      linecache (>= 0.3)
    rubycas-client (2.1.0)
      activesupport
    rubytree (0.7.0)
    ruport (1.6.3)
      fastercsv
      pdf-writer (= 1.1.8)
    sass (3.1.15)
    savon (0.7.9)
      builder (>= 2.1.2)
      crack (>= 0.1.4)
    schema_qualified_tables (1.0.1)
      activerecord (>= 2.3)
    searchlogic (2.5.8)
      activerecord (~> 2.3.12)
      activerecord (~> 2.3.12)
    soap4r (1.5.8)
      httpclient (>= 2.1.1)
    surveyor (0.20.0)
      fastercsv
      formtastic
      haml
      sass
      uuid
    systemu (2.4.2)
    term-ansicolor (1.0.7)
    transaction-simple (1.4.0)
      hoe (>= 1.1.7)
    uuid (2.3.5)
      macaddr (~> 1.0)
    validates_timeliness (2.3.1)
    view_trail (0.3.1)
    warden (0.10.7)
      rack (>= 1.0.0)
    webrat (0.6.0)
      nokogiri (>= 1.2.0)
      rack (>= 1.0)
    will_paginate (2.3.16)
    wirble (0.1.3)

PLATFORMS
  ruby

DEPENDENCIES
  acts_as_reportable
  bcdatabase (~> 1.0.6)
  bcsec (= 2.0.6)
  bcsec-rails (~> 2.0.0)
  cancan
  capistrano (~> 2.5.0)
  chronic (>= 0.2.3)
  ci_reporter (~> 1.6.0)
  compass (= 0.10.6)
  cucumber
  cucumber-rails (~> 0.3.0)
  daemons
  database_cleaner (~> 0.0)
  empi
  erubis
  factory_girl (>= 1.2.1)
  faker (>= 0.3.1)
  fastercsv (>= 1.5.0)
  fastthread
  haml (= 3.1.2)
  hirb
  launchy (= 0.3.7)
  libxml-ruby (>= 2.1.1)
  paper_trail (>= 1.1.1)
  paperclip (= 2.1.2)
  pg (~> 0.9.0)
  populator (>= 0.2.5)
  rails (= 2.3.14)
  rcov
  rdiscount
  rspec (~> 1.3.0)
  rspec-rails (~> 1.3.0)
  ruby-debug
  ruport
  savon (= 0.7.9)
  searchlogic
  soap4r (>= 1.5.8)
  surveyor (= 0.20.0)
  uuid
  validates_timeliness (= 2.3.1)
  view_trail (>= 0.3.1)
  webrat (~> 0.6.0)
  will_paginate (~> 2.3)
  wirble
